GEM
  remote: https://rubygems.org/
  specs:
    curb (0.8.3)
    nokogiri (1.5.9)

PLATFORMS
  ruby

DEPENDENCIES
  curb
  nokogiri
