GEM
  remote: https://rubygems.org/
  specs:
    httpclient (2.3.3)
    nokogiri (1.5.9)

PLATFORMS
  ruby

DEPENDENCIES
  httpclient
  nokogiri
